GEM
  remote: https://rubygems.org/
  specs:
    htmlentities (4.3.4)
    mail (2.6.3)
      mime-types (>= 1.16, < 3)
    mime-types (2.99)

PLATFORMS
  ruby

DEPENDENCIES
  htmlentities
  mail

BUNDLED WITH
   1.11.2
